GEM
  remote: https://rubygems.org/
  specs:
    codecov (0.1.10)
      json
      simplecov
      url
    docile (1.3.0)
    json (2.1.0)
    minitest (5.11.3)
    minitest-filesystem (1.2.0)
    minitest-profile (0.0.2)
    minitest-rg (5.2.0)
      minitest (~> 5.0)
    rake (12.3.1)
    simplecov (0.16.1)
      docile (~> 1.1)
      json (>= 1.8, < 3)
      simplecov-html (~> 0.10.0)
    simplecov-html (0.10.2)
    term-ansicolor (1.6.0)
      tins (~> 1.0)
    tins (1.16.3)
    url (0.3.2)
    yard (0.9.12)

PLATFORMS
  ruby
  x64-mingw32

DEPENDENCIES
  codecov
  minitest-filesystem (~> 1.2)
  minitest-profile (~> 0.0.2)
  minitest-rg (~> 5.2)
  rake (~> 12.3)
  term-ansicolor (~> 1.6)
  yard (~> 0.9.12)

BUNDLED WITH
   1.16.1
